PATH
  remote: .
  specs:
    a55 (0.1.0)
      httparty (= 0.18.0)

GEM
  remote: https://rubygems.org/
  specs:
    httparty (0.18.0)
      mime-types (~> 3.0)
      multi_xml (>= 0.5.2)
    mime-types (3.3.1)
      mime-types-data (~> 3.2015)
    mime-types-data (3.2019.1009)
    multi_xml (0.6.0)
    rake (10.5.0)

PLATFORMS
  ruby

DEPENDENCIES
  a55!
  bundler (~> 1.17)
  rake (~> 10.0)

BUNDLED WITH
   1.17.3
