PATH
  remote: .
  specs:
    a55 (0.0.1)
      httparty (= 0.21.0)

GEM
  remote: https://rubygems.org/
  specs:
    byebug (3.1.2)
      columnize (~> 0.8)
      debugger-linecache (~> 1.2)
    columnize (0.9.0)
    debugger-linecache (1.2.0)
    httparty (0.21.0)
      mini_mime (>= 1.0.0)
      multi_xml (>= 0.5.2)
    mini_mime (1.1.2)
    multi_xml (0.6.0)
    rake (10.5.0)

PLATFORMS
  ruby

DEPENDENCIES
  a55!
  bundler (~> 1.17)
  byebug (= 3.1.2)
  rake (~> 10.0)

BUNDLED WITH
   1.17.3
