PATH
  remote: .
  specs:
    a55 (0.0.1)
      httparty (= 0.15.6)

GEM
  remote: https://rubygems.org/
  specs:
    byebug (3.1.2)
      columnize (~> 0.8)
      debugger-linecache (~> 1.2)
    columnize (0.9.0)
    debugger-linecache (1.2.0)
    httparty (0.15.6)
      multi_xml (>= 0.5.2)
    multi_xml (0.6.0)
    rake (13.0.1)

PLATFORMS
  ruby

DEPENDENCIES
  a55!
  bundler (~> 1.17)
  byebug (= 3.1.2)
  rake (~> 13.0)

BUNDLED WITH
   1.17.3
