PATH
  remote: .
  specs:
    a55 (0.0.1)
      httparty (= 0.15.6)

GEM
  remote: https://rubygems.org/
  specs:
    httparty (0.15.6)
      multi_xml (>= 0.5.2)
    multi_xml (0.6.0)
    rake (10.5.0)

PLATFORMS
  ruby

DEPENDENCIES
  a55!
  bundler (~> 1.17)
  rake (~> 10.0)

BUNDLED WITH
   1.17.3
